GIT
  remote: git://github.com/medusa-project/bagit.git
  revision: a73aa5a10919fc9c3eb5bb6db522962772c5ddf8
  specs:
    bagit (0.1.0)
      semver (~> 0.1.0)

GEM
  remote: http://rubygems.org/
  specs:
    active-fedora (2.2.0)
      active-fedora
      activeresource
      equivalent-xml
      facets
      mediashelf-loggable
      mime-types (>= 1.16)
      multipart-post
      nokogiri
      om (>= 1.0)
      solr-ruby (>= 0.0.6)
      solrizer (> 1.0.0)
      xml-simple (>= 1.0.12)
    activemodel (3.0.7)
      activesupport (= 3.0.7)
      builder (~> 2.1.2)
      i18n (~> 0.5.0)
    activeresource (3.0.7)
      activemodel (= 3.0.7)
      activesupport (= 3.0.7)
    activesupport (3.0.7)
    amqp (0.7.0)
      eventmachine (>= 0.12.4)
    builder (2.1.2)
    bunny (0.6.0)
    daemons (1.1.3)
    diff-lcs (1.1.2)
    equivalent-xml (0.2.6)
      nokogiri (>= 1.4.3)
    eventmachine (0.12.10)
    facets (2.9.1)
    file-tail (1.0.5)
      spruz (>= 0.1.0)
    i18n (0.5.0)
    log4r (1.1.9)
    macaddr (1.0.0)
    mediashelf-loggable (0.4.2)
    mime-types (1.16)
    multipart-post (1.1.2)
    nokogiri (1.4.4)
    om (1.2.4)
      nokogiri (>= 1.4.2)
      om
    rake (0.9.0)
    rcov (0.9.9)
    rspec (2.6.0)
      rspec-core (~> 2.6.0)
      rspec-expectations (~> 2.6.0)
      rspec-mocks (~> 2.6.0)
    rspec-core (2.6.3)
    rspec-expectations (2.6.0)
      diff-lcs (~> 1.1.2)
    rspec-mocks (2.6.0)
    ruby2ruby (1.2.5)
      ruby_parser (~> 2.0)
      sexp_processor (~> 3.0)
    ruby_parser (2.0.6)
      sexp_processor (~> 3.0)
    rufus-cloche (1.0.1)
      rufus-json (>= 0.2.7)
    rufus-dollar (1.0.4)
    rufus-json (1.0.0)
    rufus-mnemo (1.2.0)
    rufus-scheduler (2.0.9)
      tzinfo (>= 0.3.23)
    rufus-treechecker (1.0.6)
      ruby_parser (>= 2.0.5)
    ruote (2.2.0)
      rufus-cloche (>= 0.1.20)
      rufus-dollar (>= 1.0.4)
      rufus-json (>= 0.2.5)
      rufus-mnemo (>= 1.1.0)
      rufus-scheduler (>= 2.0.8)
      rufus-treechecker (>= 1.0.4)
      sourcify (= 0.4.2)
    ruote-amqp (2.2.0)
      amqp (= 0.7.0)
      ruote (>= 2.2.0)
    semver (0.1.0)
    sexp_processor (3.0.5)
    solr-ruby (0.0.8)
    solrizer (1.0.4)
      daemons
      mediashelf-loggable
      mediashelf-loggable
      nokogiri
      nokogiri
      nokogiri
      om
      om (>= 1.0.0)
      stomp
      xml-simple
    sourcify (0.4.2)
      file-tail (>= 1.0.5)
      ruby2ruby (>= 1.2.5)
      sexp_processor (>= 3.0.5)
    spruz (0.2.7)
    stomp (1.1.8)
    tzinfo (0.3.27)
    uuid (2.3.2)
      macaddr (~> 1.0)
    xml-simple (1.0.15)
    yajl-ruby (0.8.2)

PLATFORMS
  ruby

DEPENDENCIES
  active-fedora
  amqp
  bagit!
  bunny
  daemons
  eventmachine
  log4r
  rake
  rcov
  rspec
  ruote
  ruote-amqp
  semver
  uuid
  yajl-ruby
