GIT
  remote: git://github.com/medusa-project/bagit.git
  revision: a73aa5a10919fc9c3eb5bb6db522962772c5ddf8
  specs:
    bagit (0.1.0)
      semver (~> 0.1.0)

GEM
  remote: http://rubygems.org/
  specs:
    active-fedora (2.3.3)
      activeresource
      equivalent-xml
      facets
      mediashelf-loggable
      mime-types (>= 1.16)
      multipart-post
      nokogiri
      om (>= 1.0)
      solr-ruby (>= 0.0.6)
      solrizer (> 1.0.0)
      xml-simple (>= 1.0.12)
    activemodel (3.0.10)
      activesupport (= 3.0.10)
      builder (~> 2.1.2)
      i18n (~> 0.5.0)
    activeresource (3.0.10)
      activemodel (= 3.0.10)
      activesupport (= 3.0.10)
    activesupport (3.0.10)
    amqp (0.7.0)
      eventmachine (>= 0.12.4)
    builder (2.1.2)
    bunny (0.7.4)
    cucumber (1.0.2)
      builder (>= 2.1.2)
      diff-lcs (>= 1.1.2)
      gherkin (~> 2.4.5)
      json (>= 1.4.6)
      term-ansicolor (>= 1.0.5)
    daemons (1.1.4)
    diff-lcs (1.1.2)
    equivalent-xml (0.2.7)
      nokogiri (>= 1.4.3)
    eventmachine (0.12.10)
    facets (2.9.2)
    file-tail (1.0.6)
      spruz (~> 0.2)
    filescan (2.3.0)
    gherkin (2.4.15)
      json (>= 1.4.6)
    i18n (0.5.0)
    json (1.5.3)
    log4r (1.1.9)
    macaddr (1.4.0)
      systemu (~> 2.2.0)
    mediashelf-loggable (0.4.7)
    mime-types (1.16)
    multipart-post (1.1.3)
    nokogiri (1.5.0)
    om (1.3.0)
      nokogiri (>= 1.4.2)
    rake (0.9.2)
    rcov (0.9.10)
    rspec (2.6.0)
      rspec-core (~> 2.6.0)
      rspec-expectations (~> 2.6.0)
      rspec-mocks (~> 2.6.0)
    rspec-core (2.6.4)
    rspec-expectations (2.6.0)
      diff-lcs (~> 1.1.2)
    rspec-mocks (2.6.0)
    ruby2ruby (1.2.5)
      ruby_parser (~> 2.0)
      sexp_processor (~> 3.0)
    ruby_parser (2.2.0)
      sexp_processor (~> 3.0)
    rufus-cloche (1.0.1)
      rufus-json (>= 0.2.7)
    rufus-dollar (1.0.4)
    rufus-json (1.0.1)
    rufus-mnemo (1.2.0)
    rufus-scheduler (2.0.10)
      tzinfo (>= 0.3.23)
    rufus-treechecker (1.0.8)
      ruby_parser (>= 2.0.5)
    ruote (2.2.0)
      rufus-cloche (>= 0.1.20)
      rufus-dollar (>= 1.0.4)
      rufus-json (>= 0.2.5)
      rufus-mnemo (>= 1.1.0)
      rufus-scheduler (>= 2.0.8)
      rufus-treechecker (>= 1.0.4)
      sourcify (= 0.4.2)
    ruote-amqp (2.2.0)
      amqp (= 0.7.0)
      ruote (>= 2.2.0)
    semver (0.1.0)
    sexp_processor (3.0.6)
    solr-ruby (0.0.8)
    solrizer (1.1.0)
      daemons
      mediashelf-loggable
      nokogiri
      om (>= 1.0.0)
      stomp
      xml-simple
    sourcify (0.4.2)
      file-tail (>= 1.0.5)
      ruby2ruby (>= 1.2.5)
      sexp_processor (>= 3.0.5)
    spruz (0.2.13)
    stomp (1.1.9)
    systemu (2.2.0)
    term-ansicolor (1.0.6)
    tzinfo (0.3.29)
    uuid (2.3.3)
      macaddr (~> 1.0)
    validatable (1.6.7)
    xml-simple (1.1.0)
    yajl-ruby (0.8.3)

PLATFORMS
  ruby

DEPENDENCIES
  active-fedora
  amqp
  bagit!
  bunny
  cucumber
  daemons
  eventmachine
  filescan
  log4r
  rake
  rcov
  rspec
  ruote
  ruote-amqp
  semver
  uuid
  validatable
  yajl-ruby
